RESTRICTION: >= net40
NUGET
  remote: https://www.nuget.org/api/v2
    FAKE (4.58.6)
    FSharp.Azure.StorageTypeProvider (1.8)
      WindowsAzure.Storage (>= 6.0)
    FSharp.Compiler.Service (12.0.5)
      System.Collections.Immutable (>= 1.3.1)
      System.Reflection.Metadata (>= 1.4.2)
    FSharp.Compiler.Tools (4.1.5)
    FSharp.Core (4.1.12)
      System.ValueTuple (>= 4.3)
    FSharp.Data (2.3.3)
    Microsoft.AspNet.WebApi.Client (5.2.3)
      Newtonsoft.Json (>= 6.0.4) - restriction: && (>= net40) (>= portable-net45+win8+wp8+wp81+wpa81)
    Microsoft.AspNet.WebApi.Core (5.2.3)
      Microsoft.AspNet.WebApi.Client (>= 5.2.3)
    Microsoft.Azure.KeyVault.Core (2.0.4) - restriction: || (&& (>= net40) (>= wp8)) (>= net45)
    Microsoft.Azure.WebJobs (2.0)
      Microsoft.Azure.WebJobs.Core (2.0)
      Newtonsoft.Json (>= 9.0.1)
      WindowsAzure.Storage (>= 7.2.1)
    Microsoft.Azure.WebJobs.Core (2.0)
    Microsoft.Data.Edm (5.8.2) - restriction: || (&& (>= net40) (>= netstandard10) (< netstandard13)) (&& (>= net40) (< netstandard10) (>= win8)) (&& (>= net40) (>= netstandard13)) (&& (>= net40) (>= wp8)) (&& (>= net40) (>= wpa81)) (>= net45)
    Microsoft.Data.OData (5.8.2) - restriction: || (&& (>= net40) (>= netstandard10) (< netstandard13)) (&& (>= net40) (< netstandard10) (>= win8)) (&& (>= net40) (>= netstandard13)) (&& (>= net40) (>= wp8)) (&& (>= net40) (>= wpa81)) (>= net45)
      Microsoft.Data.Edm (5.8.2)
      System.Spatial (5.8.2)
    Microsoft.Data.Services.Client (5.8.2) - restriction: >= net45
      Microsoft.Data.OData (5.8.2)
      System.ComponentModel.EventBasedAsync (>= 4.0.11) - restriction: && (>= net40) (>= netstandard11)
      System.Dynamic.Runtime (>= 4.0) - restriction: && (>= net40) (>= netstandard11)
      System.Linq.Queryable (>= 4.0) - restriction: && (>= net40) (>= netstandard11)
      System.Net.Requests (>= 4.0.11) - restriction: && (>= net40) (>= netstandard11)
    Newtonsoft.Json (10.0.2)
    Suave (2.1)
      FSharp.Core (>= 4.0.0.1)
    System.Collections.Immutable (1.3.1)
    System.ComponentModel.EventBasedAsync (4.3) - restriction: >= net45
    System.Dynamic.Runtime (4.3) - restriction: >= net45
    System.Linq.Queryable (4.3) - restriction: >= net45
    System.Net.Requests (4.3) - restriction: >= net45
    System.Reflection.Metadata (1.4.2)
      System.Collections.Immutable (>= 1.3.1) - restriction: || (&& (>= net40) (>= netstandard11)) (&& (>= net40) (< netstandard11) (>= win8)) (&& (>= net40) (>= monoandroid)) (&& (>= net40) (>= monotouch)) (&& (>= net40) (>= xamarinios)) (&& (>= net40) (>= xamarinmac)) (&& (>= net40) (>= wpa81)) (>= net45)
    System.Spatial (5.8.2) - restriction: || (&& (>= net40) (>= netstandard10) (< netstandard13)) (&& (>= net40) (< netstandard10) (>= win8)) (&& (>= net40) (>= netstandard13)) (&& (>= net40) (>= wp8)) (&& (>= net40) (>= wpa81)) (>= net45)
    System.ValueTuple (4.3)
    WindowsAzure.Storage (8.1.1)
      Microsoft.Azure.KeyVault.Core (>= 1.0) - restriction: || (&& (>= net40) (>= wp8)) (>= net45)
      Microsoft.Data.OData (>= 5.8.2) - restriction: || (&& (>= net40) (>= netstandard10) (< netstandard13)) (&& (>= net40) (< netstandard10) (>= win8)) (&& (>= net40) (>= netstandard13)) (&& (>= net40) (>= wp8)) (&& (>= net40) (>= wpa81)) (>= net45)
      Microsoft.Data.Services.Client (>= 5.8.2) - restriction: >= net45
      Newtonsoft.Json (>= 6.0.8) - restriction: || (&& (>= net40) (< netstandard10) (>= win8)) (&& (>= net40) (>= wp8)) (&& (>= net40) (>= wpa81)) (>= net45)
