FRAMEWORK: >= NET40
NUGET
  remote: https://www.nuget.org/api/v2
    FAKE (4.58.6)
    FSharp.Azure.StorageTypeProvider (1.8)
      WindowsAzure.Storage (>= 6.0)
    FSharp.Compiler.Service (12.0.5)
      System.Collections.Immutable (>= 1.3.1)
      System.Reflection.Metadata (>= 1.4.2)
    FSharp.Compiler.Tools (4.1.5)
    FSharp.Core (4.1.12)
      System.ValueTuple (>= 4.3)
    FSharp.Data (2.3.3)
    Microsoft.Azure.KeyVault.Core (2.0.4) - framework: >= net45
    Microsoft.Data.Edm (5.8.2)
    Microsoft.Data.OData (5.8.2)
      Microsoft.Data.Edm (5.8.2)
      System.Spatial (5.8.2)
    Microsoft.Data.Services.Client (5.8.2) - framework: >= net45
      Microsoft.Data.OData (5.8.2)
    Newtonsoft.Json (10.0.2)
    Suave (2.1)
      FSharp.Core (>= 4.0.0.1)
    System.Collections.Immutable (1.3.1)
    System.Reflection.Metadata (1.4.2)
      System.Collections.Immutable (>= 1.3.1) - framework: >= net45
    System.Spatial (5.8.2)
    System.ValueTuple (4.3)
    WindowsAzure.Storage (8.1.1)
      Microsoft.Azure.KeyVault.Core (>= 1.0) - framework: >= net45
      Microsoft.Data.OData (>= 5.8.2) - framework: >= net45
      Microsoft.Data.Services.Client (>= 5.8.2) - framework: >= net45
      Newtonsoft.Json (>= 6.0.8) - framework: >= net45
